GIT
  remote: git://github.com/jamiew/omniauth-tumblr.git
  revision: 414da1c2d0311bda500649e2108e23c8ed6d4b5f
  specs:
    omniauth-tumblr (1.1)
      multi_json
      omniauth-oauth (~> 1.0)

GEM
  remote: http://rubygems.org/
  specs:
    catapult (0.0.4)
      coffee-script (~> 2.2.0)
      listen (~> 0.4.2)
      rack (~> 1.4.1)
      sprockets (~> 2.4.3)
      sprockets-commonjs (= 0.0.6.pre)
      stylus (~> 0.6.2)
      thin
      thor (~> 0.15.2)
    coderay (1.0.7)
    coffee-script (2.2.0)
      coffee-script-source
      execjs
    coffee-script-source (1.3.3)
    daemons (1.1.9)
    eventmachine (1.0.0)
    evernote-thrift (1.22.1)
    execjs (1.4.0)
      multi_json (~> 1.0)
    ffi (1.1.5)
    foreman (0.60.2)
      thor (>= 0.13.6)
    hashie (1.2.0)
    hike (1.2.1)
    json (1.7.5)
    listen (0.4.7)
      rb-fchange (~> 0.0.5)
      rb-fsevent (~> 0.9.1)
      rb-inotify (~> 0.8.8)
    method_source (0.8)
    mime-types (1.19)
    multi_json (1.3.6)
    oauth (0.4.7)
    omniauth (1.1.1)
      hashie (~> 1.2)
      rack
    omniauth-evernote (1.2.0)
      evernote-thrift
      multi_json (~> 1.0)
      omniauth-oauth (~> 1.0)
    omniauth-oauth (1.0.1)
      oauth
      omniauth (~> 1.0)
    pry (0.9.10)
      coderay (~> 1.0.5)
      method_source (~> 0.8)
      slop (~> 3.3.1)
    rack (1.4.1)
    rack-cors (0.2.7)
      rack
    rack-protection (1.2.0)
      rack
    rb-fchange (0.0.6)
      ffi
    rb-fsevent (0.9.2)
    rb-inotify (0.8.8)
      ffi (>= 0.5.0)
    rest-client (1.6.7)
      mime-types (>= 1.16)
    sass (3.2.1)
    shotgun (0.9)
      rack (>= 1.0)
    sinatra (1.3.3)
      rack (~> 1.3, >= 1.3.6)
      rack-protection (~> 1.2)
      tilt (~> 1.3, >= 1.3.3)
    slop (3.3.3)
    sprockets (2.4.5)
      hike (~> 1.2)
      multi_json (~> 1.0)
      rack (~> 1.0)
      tilt (~> 1.1, != 1.3.0)
    sprockets-commonjs (0.0.6.pre)
      sprockets (~> 2.4.0)
    stylus (0.6.2)
      execjs
      stylus-source
    stylus-source (0.29.0)
    thin (1.5.0)
      daemons (>= 1.0.9)
      eventmachine (>= 0.12.6)
      rack (>= 1.0.0)
    thor (0.15.4)
    tilt (1.3.3)

PLATFORMS
  ruby

DEPENDENCIES
  catapult
  foreman
  json
  omniauth-evernote
  omniauth-tumblr!
  pry
  rack-cors
  rest-client
  sass
  shotgun
  sinatra
